GEM
  remote: https://rubygems.org/
  specs:
    bson (4.5.0)
    mongo (2.10.2)
      bson (>= 4.4.2, < 5.0.0)
    mustermann (1.0.3)
    nio4r (2.5.2)
    puma (4.3.2)
      nio4r (~> 2.0)
    rack (2.2.6.4)
    rack-protection (2.0.7)
      rack
    sinatra (2.0.7)
      mustermann (~> 1.0)
      rack (~> 2.0)
      rack-protection (= 2.0.7)
      tilt (~> 2.0)
    tilt (2.0.10)

PLATFORMS
  ruby

DEPENDENCIES
  mongo
  puma
  sinatra

BUNDLED WITH
   2.0.2
